GEM
  remote: https://rubygems.org/
  specs:
    facets (3.1.0)
    ptools (1.3.5)

PLATFORMS
  ruby

DEPENDENCIES
  facets
  ptools

BUNDLED WITH
   2.0.1
