GEM
  remote: https://rubygems.org/
  specs:
    facets (3.1.0)

PLATFORMS
  ruby

DEPENDENCIES
  facets

BUNDLED WITH
   2.0.1
